GEM
  remote: https://rubygems.org/
  specs:
    dotenv (0.10.0)
    faraday (0.8.9)
      multipart-post (~> 1.2.0)
    faraday_middleware (0.9.1)
      faraday (>= 0.7.4, < 0.10)
    http (0.6.0)
      http_parser.rb (~> 0.6.0)
    http_parser.rb (0.6.0)
    json (1.8.1)
    mime-types (2.2)
    multi_json (1.10.0)
    multipart-post (1.2.0)
    oauth (0.4.7)
    rack (1.5.2)
    rack-protection (1.5.3)
      rack
    simple_oauth (0.2.0)
    sinatra (1.4.5)
      rack (~> 1.4)
      rack-protection (~> 1.4)
      tilt (~> 1.3, >= 1.3.4)
    tilt (1.4.1)
    tumblr_client (0.8.2)
      faraday (>= 0.8)
      faraday_middleware (>= 0.8)
      json
      mime-types
      oauth
      simple_oauth
    twitter (4.8.1)
      faraday (~> 0.8, < 0.10)
      multi_json (~> 1.0)
      simple_oauth (~> 0.2)

PLATFORMS
  ruby

DEPENDENCIES
  dotenv
  faraday (< 0.9.0)
  http
  sinatra
  tumblr_client
  twitter
