GEM
  remote: https://rubygems.org/
  specs:
    dotenv (0.10.0)
    faraday (0.8.9)
      multipart-post (~> 1.2.0)
    faraday_middleware (0.9.1)
      faraday (>= 0.7.4, < 0.10)
    json (1.8.1)
    mime-types (2.2)
    multipart-post (1.2.0)
    oauth (0.4.7)
    simple_oauth (0.2.0)
    tumblr_client (0.8.2)
      faraday (>= 0.8)
      faraday_middleware (>= 0.8)
      json
      mime-types
      oauth
      simple_oauth

PLATFORMS
  ruby

DEPENDENCIES
  dotenv
  faraday (< 0.9.0)
  tumblr_client
