GIT
  remote: https://github.com/indirect/tumblr_client.git
  revision: d7806a01f78c5fc4b657cea0bcc2d6c3f9503ea8
  branch: master
  specs:
    tumblr_client (0.8.5)
      faraday (~> 0.9)
      faraday_middleware (~> 0.9)
      json
      mime-types
      oauth
      simple_oauth

GEM
  remote: https://rubygems.org/
  specs:
    addressable (2.8.7)
      public_suffix (>= 2.0.2, < 7.0)
    base64 (0.2.0)
    bigdecimal (3.1.9)
    coderay (1.1.3)
    domain_name (0.6.20240107)
    dotenv (2.2.1)
    faraday (0.17.4)
      multipart-post (>= 1.2, < 3)
    faraday_middleware (0.14.0)
      faraday (>= 0.7.4, < 1.0)
    ffi (1.17.1)
    ffi (1.17.1-aarch64-linux-gnu)
    ffi (1.17.1-aarch64-linux-musl)
    ffi (1.17.1-arm-linux-gnu)
    ffi (1.17.1-arm-linux-musl)
    ffi (1.17.1-arm64-darwin)
    ffi (1.17.1-x86-linux-gnu)
    ffi (1.17.1-x86-linux-musl)
    ffi (1.17.1-x86_64-darwin)
    ffi (1.17.1-x86_64-linux-gnu)
    ffi (1.17.1-x86_64-linux-musl)
    ffi-compiler (1.3.2)
      ffi (>= 1.15.5)
      rake
    hashie (5.0.0)
    honeybadger (4.9.0)
    http (5.2.0)
      addressable (~> 2.8)
      base64 (~> 0.1)
      http-cookie (~> 1.0)
      http-form_data (~> 2.2)
      llhttp-ffi (~> 0.5.0)
    http-cookie (1.0.8)
      domain_name (~> 0.5)
    http-form_data (2.3.0)
    io-console (0.8.0)
    json (2.6.2)
    llhttp-ffi (0.5.0)
      ffi-compiler (~> 1.0)
      rake (~> 13.0)
    logger (1.6.6)
    method_source (1.0.0)
    mime-types (3.4.1)
      mime-types-data (~> 3.2015)
    mime-types-data (3.2022.0105)
    multipart-post (2.1.1)
    mustermann (2.0.2)
      ruby2_keywords (~> 0.0.1)
    nio4r (2.7.3)
    oauth (1.1.0)
      oauth-tty (~> 1.0, >= 1.0.1)
      snaky_hash (~> 2.0)
      version_gem (~> 1.1)
    oauth-tty (1.0.5)
      version_gem (~> 1.1, >= 1.1.1)
    ostruct (0.6.1)
    ox (2.14.17)
    parslet (1.8.2)
    pry (0.14.0)
      coderay (~> 1.1)
      method_source (~> 1.0)
    public_suffix (6.0.1)
    puma (5.6.8)
      nio4r (~> 2.0)
    rack (2.2.9)
    rack-protection (2.2.3)
      rack
    rake (13.2.1)
    redis (4.0.1)
    reline (0.6.0)
      io-console (~> 0.5)
    ruby2_keywords (0.0.5)
    simple_oauth (0.3.1)
    sinatra (2.2.3)
      mustermann (~> 2.0)
      rack (~> 2.2)
      rack-protection (= 2.2.3)
      tilt (~> 2.0)
    snaky_hash (2.0.1)
      hashie
      version_gem (~> 1.1, >= 1.1.1)
    tilt (2.0.11)
    upmark (1.0.0)
      parslet (~> 1.8.2)
    version_gem (1.1.1)

PLATFORMS
  aarch64-linux-gnu
  aarch64-linux-musl
  arm-linux-gnu
  arm-linux-musl
  arm64-darwin
  ruby
  x86-linux-gnu
  x86-linux-musl
  x86_64-darwin
  x86_64-linux-gnu
  x86_64-linux-musl

DEPENDENCIES
  base64 (~> 0.2.0)
  bigdecimal (~> 3.1)
  dotenv (~> 2.2)
  faraday (~> 0.17)
  honeybadger (~> 4.9)
  http (~> 5.2)
  logger (~> 1.6)
  ostruct (~> 0.6.1)
  ox (~> 2.14)
  pry (~> 0.14)
  puma (~> 5.6)
  redis (~> 4.0)
  reline (~> 0.6.0)
  sinatra (~> 2.2)
  tumblr_client!
  upmark (~> 1.0)

RUBY VERSION
   ruby 3.4.2p28

BUNDLED WITH
   2.6.3
